PATH
  remote: .
  specs:
    autosign (0.1.2)
      deep_merge (~> 1)
      gli (~> 2)
      iniparse (~> 1)
      json (>= 1)
      jwt (~> 1)
      logging (~> 2)
      require_all (~> 1)

GEM
  remote: https://rubygems.org/
  specs:
    CFPropertyList (2.2.8)
    aruba (0.10.2)
      childprocess (~> 0.5.6)
      contracts (~> 0.9)
      cucumber (>= 1.3.19)
      ffi (~> 1.9.10)
      rspec-expectations (>= 2.99)
      thor (~> 0.19)
    builder (3.2.2)
    childprocess (0.5.9)
      ffi (~> 1.0, >= 1.0.11)
    coderay (1.1.0)
    contracts (0.12.0)
    coveralls (0.8.10)
      json (~> 1.8)
      rest-client (>= 1.6.8, < 2)
      simplecov (~> 0.11.0)
      term-ansicolor (~> 1.3)
      thor (~> 0.19.1)
      tins (~> 1.6.0)
    cucumber (2.2.0)
      builder (>= 2.1.2)
      cucumber-core (~> 1.3.0)
      cucumber-wire (~> 0.0.1)
      diff-lcs (>= 1.1.3)
      event-bus (~> 0.1.0)
      gherkin3 (~> 3.1.0)
      multi_json (>= 1.7.5, < 2.0)
      multi_test (>= 0.1.2)
    cucumber-core (1.3.1)
      gherkin3 (~> 3.1.0)
    cucumber-wire (0.0.1)
    deep_merge (1.2.1)
    diff-lcs (1.2.5)
    docile (1.1.5)
    domain_name (0.5.25)
      unf (>= 0.0.5, < 1.0.0)
    event-bus (0.1.0)
    facter (2.4.4)
      CFPropertyList (~> 2.2.6)
    ffi (1.9.25)
    gherkin3 (3.1.2)
    gli (2.19.0)
    hiera (1.3.4)
      json_pure
    http-cookie (1.0.2)
      domain_name (~> 0.5)
    iniparse (1.4.4)
    json (1.8.3)
    json_pure (1.8.3)
    jwt (1.5.6)
    little-plugger (1.1.4)
    logging (2.2.2)
      little-plugger (~> 1.1)
      multi_json (~> 1.10)
    method_source (0.8.2)
    mime-types (2.99)
    multi_json (1.11.2)
    multi_test (0.1.2)
    netrc (0.11.0)
    pry (0.10.3)
      coderay (~> 1.1.0)
      method_source (~> 0.8.1)
      slop (~> 3.4)
    puppet (3.8.4)
      facter (> 1.6, < 3)
      hiera (~> 1.0)
      json_pure
    rake (10.4.2)
    rdoc (4.2.1)
      json (~> 1.4)
    require_all (1.5.0)
    rest-client (1.8.0)
      http-cookie (>= 1.0.2, < 2.0)
      mime-types (>= 1.16, < 3.0)
      netrc (~> 0.7)
    rspec (3.4.0)
      rspec-core (~> 3.4.0)
      rspec-expectations (~> 3.4.0)
      rspec-mocks (~> 3.4.0)
    rspec-core (3.4.1)
      rspec-support (~> 3.4.0)
    rspec-expectations (3.4.0)
      diff-lcs (>= 1.2.0, < 2.0)
      rspec-support (~> 3.4.0)
    rspec-mocks (3.4.0)
      diff-lcs (>= 1.2.0, < 2.0)
      rspec-support (~> 3.4.0)
    rspec-support (3.4.1)
    simplecov (0.11.1)
      docile (~> 1.1.0)
      json (~> 1.8)
      simplecov-html (~> 0.10.0)
    simplecov-html (0.10.0)
    slop (3.6.0)
    term-ansicolor (1.3.2)
      tins (~> 1.0)
    thor (0.19.1)
    tins (1.6.0)
    unf (0.1.4)
      unf_ext
    unf_ext (0.0.7.1)
    yard (0.9.20)

PLATFORMS
  ruby

DEPENDENCIES
  aruba (~> 0.6)
  autosign!
  coveralls
  cucumber (~> 2)
  pry (~> 0.10)
  puppet (~> 3)
  rake (~> 10)
  rdoc (~> 4)
  rspec (~> 3)
  yard (~> 0.9.11)

BUNDLED WITH
   1.16.1
